GIT
  remote: https://github.com/excid3/devise.git
  revision: 871c1b7cf6a0cc24b5f8fd5bc165d9c261a6da23
  branch: sign-in-after-reset-password-proc
  specs:
    devise (4.9.3)
      bcrypt (~> 3.0)
      orm_adapter (~> 0.1)
      railties (>= 6.0.0)
      responders
      warden (~> 1.2.3)

GIT
  remote: https://github.com/excid3/jbuilder.git
  revision: b9285506407ea9dd703112162b35fb7e08425bc4
  branch: fix-caching-with-api-controllers
  specs:
    jbuilder (2.13.0)
      actionview (>= 5.0.0)
      activesupport (>= 5.0.0)

PATH
  remote: lib/jumpstart
  specs:
    jumpstart (0.1.0)
      rails

GEM
  remote: https://rubygems.org/
  specs:
    actioncable (8.0.1)
      actionpack (= 8.0.1)
      activesupport (= 8.0.1)
      nio4r (~> 2.0)
      websocket-driver (>= 0.6.1)
      zeitwerk (~> 2.6)
    actionmailbox (8.0.1)
      actionpack (= 8.0.1)
      activejob (= 8.0.1)
      activerecord (= 8.0.1)
      activestorage (= 8.0.1)
      activesupport (= 8.0.1)
      mail (>= 2.8.0)
    actionmailer (8.0.1)
      actionpack (= 8.0.1)
      actionview (= 8.0.1)
      activejob (= 8.0.1)
      activesupport (= 8.0.1)
      mail (>= 2.8.0)
      rails-dom-testing (~> 2.2)
    actionpack (8.0.1)
      actionview (= 8.0.1)
      activesupport (= 8.0.1)
      nokogiri (>= 1.8.5)
      rack (>= 2.2.4)
      rack-session (>= 1.0.1)
      rack-test (>= 0.6.3)
      rails-dom-testing (~> 2.2)
      rails-html-sanitizer (~> 1.6)
      useragent (~> 0.16)
    actiontext (8.0.1)
      actionpack (= 8.0.1)
      activerecord (= 8.0.1)
      activestorage (= 8.0.1)
      activesupport (= 8.0.1)
      globalid (>= 0.6.0)
      nokogiri (>= 1.8.5)
    actionview (8.0.1)
      activesupport (= 8.0.1)
      builder (~> 3.1)
      erubi (~> 1.11)
      rails-dom-testing (~> 2.2)
      rails-html-sanitizer (~> 1.6)
    activejob (8.0.1)
      activesupport (= 8.0.1)
      globalid (>= 0.3.6)
    activemodel (8.0.1)
      activesupport (= 8.0.1)
    activerecord (8.0.1)
      activemodel (= 8.0.1)
      activesupport (= 8.0.1)
      timeout (>= 0.4.0)
    activestorage (8.0.1)
      actionpack (= 8.0.1)
      activejob (= 8.0.1)
      activerecord (= 8.0.1)
      activesupport (= 8.0.1)
      marcel (~> 1.0)
    activesupport (8.0.1)
      base64
      benchmark (>= 0.3)
      bigdecimal
      concurrent-ruby (~> 1.0, >= 1.3.1)
      connection_pool (>= 2.2.5)
      drb
      i18n (>= 1.6, < 2)
      logger (>= 1.4.2)
      minitest (>= 5.1)
      securerandom (>= 0.3)
      tzinfo (~> 2.0, >= 2.0.5)
      uri (>= 0.13.1)
    addressable (2.8.7)
      public_suffix (>= 2.0.2, < 7.0)
    ast (2.4.2)
    base64 (0.2.0)
    bcrypt (3.1.20)
    bcrypt_pbkdf (1.1.1)
    benchmark (0.4.0)
    better_html (2.1.1)
      actionview (>= 6.0)
      activesupport (>= 6.0)
      ast (~> 2.0)
      erubi (~> 1.4)
      parser (>= 2.4)
      smart_properties
    bigdecimal (3.1.9)
    bindex (0.8.1)
    bootsnap (1.18.4)
      msgpack (~> 1.2)
    brakeman (7.0.0)
      racc
    builder (3.3.0)
    capybara (3.40.0)
      addressable
      matrix
      mini_mime (>= 0.1.3)
      nokogiri (~> 1.11)
      rack (>= 1.6.0)
      rack-test (>= 0.6.3)
      regexp_parser (>= 1.5, < 3.0)
      xpath (~> 3.2)
    childprocess (5.1.0)
      logger (~> 1.5)
    chunky_png (1.4.0)
    concurrent-ruby (1.3.5)
    connection_pool (2.5.3)
    crack (1.0.0)
      bigdecimal
      rexml
    crass (1.0.6)
    date (3.4.1)
    debug (1.10.0)
      irb (~> 1.10)
      reline (>= 0.3.8)
    devise-i18n (1.13.0)
      devise (>= 4.9.0)
      rails-i18n
    dotenv (3.1.7)
    drb (2.2.1)
    ed25519 (1.3.0)
    erb_lint (0.9.0)
      activesupport
      better_html (>= 2.0.1)
      parser (>= 2.7.1.4)
      rainbow
      rubocop (>= 1)
      smart_properties
    erubi (1.13.1)
    et-orbi (1.2.11)
      tzinfo
    ffi (1.17.1)
    ffi (1.17.1-aarch64-linux-gnu)
    ffi (1.17.1-arm64-darwin)
    ffi (1.17.1-x86_64-darwin)
    ffi (1.17.1-x86_64-linux-gnu)
    fugit (1.11.1)
      et-orbi (~> 1, >= 1.2.11)
      raabro (~> 1.4)
    globalid (1.2.1)
      activesupport (>= 6.1)
    hashdiff (1.1.2)
    hashids (1.0.6)
    hotwire_combobox (0.3.2)
      rails (>= 7.0.7.2)
      stimulus-rails (>= 1.2)
      turbo-rails (>= 1.2)
    i18n (1.14.7)
      concurrent-ruby (~> 1.0)
    image_processing (1.13.0)
      mini_magick (>= 4.9.5, < 5)
      ruby-vips (>= 2.0.17, < 3)
    importmap-rails (2.1.0)
      actionpack (>= 6.0.0)
      activesupport (>= 6.0.0)
      railties (>= 6.0.0)
    iniparse (1.5.0)
    inline_svg (1.10.0)
      activesupport (>= 3.0)
      nokogiri (>= 1.6)
    invisible_captcha (2.3.0)
      rails (>= 5.2)
    io-console (0.8.0)
    irb (1.15.2)
      pp (>= 0.6.0)
      rdoc (>= 4.0.0)
      reline (>= 0.4.2)
    json (2.9.1)
    kamal (2.4.0)
      activesupport (>= 7.0)
      base64 (~> 0.2)
      bcrypt_pbkdf (~> 1.0)
      concurrent-ruby (~> 1.2)
      dotenv (~> 3.1)
      ed25519 (~> 1.2)
      net-ssh (~> 7.3)
      sshkit (>= 1.23.0, < 2.0)
      thor (~> 1.3)
      zeitwerk (>= 2.6.18, < 3.0)
    language_server-protocol (3.17.0.4)
    local_time (3.0.2)
    logger (1.7.0)
    loofah (2.24.1)
      crass (~> 1.0.2)
      nokogiri (>= 1.12.0)
    madmin (2.0.0)
      importmap-rails
      pagy (>= 3.5)
      propshaft
      rails (>= 7.0.0)
    mail (2.8.1)
      mini_mime (>= 0.1.1)
      net-imap
      net-pop
      net-smtp
    mailbin (1.0.0)
      importmap-rails
      rails (>= 7.1.0)
      turbo-rails
    marcel (1.0.4)
    matrix (0.4.2)
    mini_magick (4.13.2)
    mini_mime (1.1.5)
    mini_portile2 (2.8.9)
    minitest (5.25.5)
    msgpack (1.7.5)
    name_of_person (1.1.3)
      activesupport (>= 5.2.0)
    net-imap (0.5.5)
      date
      net-protocol
    net-pop (0.1.2)
      net-protocol
    net-protocol (0.2.2)
      timeout
    net-scp (4.1.0)
      net-ssh (>= 2.6.5, < 8.0.0)
    net-sftp (4.0.0)
      net-ssh (>= 5.0.0, < 8.0.0)
    net-smtp (0.5.0)
    net-ssh (7.3.0)
    nio4r (2.7.4)
    nokogiri (1.18.2)
      mini_portile2 (~> 2.8.2)
      racc (~> 1.4)
    nokogiri (1.18.2-aarch64-linux-gnu)
      racc (~> 1.4)
    nokogiri (1.18.2-arm64-darwin)
      racc (~> 1.4)
    nokogiri (1.18.2-x86_64-darwin)
      racc (~> 1.4)
    nokogiri (1.18.2-x86_64-linux-gnu)
      racc (~> 1.4)
    noticed (2.6.0)
      rails (>= 6.1.0)
    orm_adapter (0.5.0)
    ostruct (0.6.1)
    overcommit (0.65.0)
      childprocess (>= 0.6.3, < 6)
      iniparse (~> 1.4)
      rexml (>= 3.3.9)
    pagy (9.3.3)
    parallel (1.26.3)
    parser (3.3.7.0)
      ast (~> 2.4.1)
      racc
    pay (8.3.0)
      rails (>= 6.0.0)
    pdf-core (0.10.0)
    pg (1.5.9)
    pp (0.6.2)
      prettyprint
    prawn (2.5.0)
      matrix (~> 0.4)
      pdf-core (~> 0.10.0)
      ttfunk (~> 1.8)
    prawn-table (0.2.2)
      prawn (>= 1.3.0, < 3.0.0)
    prefixed_ids (1.8.1)
      hashids (>= 1.0.0, < 2.0.0)
      rails (>= 6.0.0)
    pretender (0.5.0)
      actionpack (>= 6.1)
    prettyprint (0.2.0)
    propshaft (1.1.0)
      actionpack (>= 7.0.0)
      activesupport (>= 7.0.0)
      rack
      railties (>= 7.0.0)
    psych (5.2.6)
      date
      stringio
    public_suffix (6.0.1)
    puma (6.6.0)
      nio4r (~> 2.0)
    pundit (2.4.0)
      activesupport (>= 3.0.0)
    raabro (1.4.0)
    racc (1.8.1)
    rack (3.1.15)
    rack-session (2.1.1)
      base64 (>= 0.1.0)
      rack (>= 3.0.0)
    rack-test (2.2.0)
      rack (>= 1.3)
    rackup (2.2.1)
      rack (>= 3)
    rails (8.0.1)
      actioncable (= 8.0.1)
      actionmailbox (= 8.0.1)
      actionmailer (= 8.0.1)
      actionpack (= 8.0.1)
      actiontext (= 8.0.1)
      actionview (= 8.0.1)
      activejob (= 8.0.1)
      activemodel (= 8.0.1)
      activerecord (= 8.0.1)
      activestorage (= 8.0.1)
      activesupport (= 8.0.1)
      bundler (>= 1.15.0)
      railties (= 8.0.1)
    rails-dom-testing (2.2.0)
      activesupport (>= 5.0.0)
      minitest
      nokogiri (>= 1.6)
    rails-html-sanitizer (1.6.2)
      loofah (~> 2.21)
      nokogiri (>= 1.15.7, != 1.16.7, != 1.16.6, != 1.16.5, != 1.16.4, != 1.16.3, != 1.16.2, != 1.16.1, != 1.16.0.rc1, != 1.16.0)
    rails-i18n (8.0.1)
      i18n (>= 0.7, < 2)
      railties (>= 8.0.0, < 9)
    railties (8.0.1)
      actionpack (= 8.0.1)
      activesupport (= 8.0.1)
      irb (~> 1.13)
      rackup (>= 1.0.0)
      rake (>= 12.2)
      thor (~> 1.0, >= 1.2.2)
      zeitwerk (~> 2.6)
    rainbow (3.1.1)
    rake (13.2.1)
    rdoc (6.13.1)
      psych (>= 4.0.0)
    receipts (2.4.0)
      prawn (>= 1.3.0, < 3.0.0)
      prawn-table (~> 0.2.1)
    regexp_parser (2.10.0)
    reline (0.6.1)
      io-console (~> 0.5)
    responders (3.1.1)
      actionpack (>= 5.2)
      railties (>= 5.2)
    rexml (3.4.0)
    rotp (6.3.0)
    rqrcode (2.2.0)
      chunky_png (~> 1.0)
      rqrcode_core (~> 1.0)
    rqrcode_core (1.2.0)
    rubocop (1.71.0)
      json (~> 2.3)
      language_server-protocol (>= 3.17.0)
      parallel (~> 1.10)
      parser (>= 3.3.0.2)
      rainbow (>= 2.2.2, < 4.0)
      regexp_parser (>= 2.9.3, < 3.0)
      rubocop-ast (>= 1.36.2, < 2.0)
      ruby-progressbar (~> 1.7)
      unicode-display_width (>= 2.4.0, < 4.0)
    rubocop-ast (1.38.0)
      parser (>= 3.3.1.0)
    rubocop-minitest (0.36.0)
      rubocop (>= 1.61, < 2.0)
      rubocop-ast (>= 1.31.1, < 2.0)
    rubocop-performance (1.23.1)
      rubocop (>= 1.48.1, < 2.0)
      rubocop-ast (>= 1.31.1, < 2.0)
    rubocop-rails (2.29.1)
      activesupport (>= 4.2.0)
      rack (>= 1.1)
      rubocop (>= 1.52.0, < 2.0)
      rubocop-ast (>= 1.31.1, < 2.0)
    rubocop-rails-omakase (1.0.0)
      rubocop
      rubocop-minitest
      rubocop-performance
      rubocop-rails
    ruby-oembed (0.18.1)
    ruby-progressbar (1.13.0)
    ruby-vips (2.2.2)
      ffi (~> 1.12)
      logger
    rubyzip (2.4.1)
    securerandom (0.4.1)
    selenium-webdriver (4.28.0)
      base64 (~> 0.2)
      logger (~> 1.4)
      rexml (~> 3.2, >= 3.2.5)
      rubyzip (>= 1.2.2, < 3.0)
      websocket (~> 1.0)
    smart_properties (1.17.0)
    solid_cable (3.0.7)
      actioncable (>= 7.2)
      activejob (>= 7.2)
      activerecord (>= 7.2)
      railties (>= 7.2)
    solid_cache (1.0.6)
      activejob (>= 7.2)
      activerecord (>= 7.2)
      railties (>= 7.2)
    solid_queue (1.1.2)
      activejob (>= 7.1)
      activerecord (>= 7.1)
      concurrent-ruby (>= 1.3.1)
      fugit (~> 1.11.0)
      railties (>= 7.1)
      thor (~> 1.3.1)
    sshkit (1.23.2)
      base64
      net-scp (>= 1.1.2)
      net-sftp (>= 2.1.2)
      net-ssh (>= 2.8.0)
      ostruct
    stimulus-rails (1.3.4)
      railties (>= 6.0.0)
    stringio (3.1.7)
    tailwindcss-rails (4.0.0.rc4)
      railties (>= 7.0.0)
      tailwindcss-ruby (~> 4.0)
    tailwindcss-ruby (4.0.0)
    tailwindcss-ruby (4.0.0-aarch64-linux-gnu)
    tailwindcss-ruby (4.0.0-arm64-darwin)
    tailwindcss-ruby (4.0.0-x86_64-darwin)
    tailwindcss-ruby (4.0.0-x86_64-linux-gnu)
    thor (1.3.2)
    thruster (0.1.10)
    thruster (0.1.10-aarch64-linux)
    thruster (0.1.10-arm64-darwin)
    thruster (0.1.10-x86_64-darwin)
    thruster (0.1.10-x86_64-linux)
    timeout (0.4.3)
    ttfunk (1.8.0)
      bigdecimal (~> 3.1)
    turbo-rails (2.0.11)
      actionpack (>= 6.0.0)
      railties (>= 6.0.0)
    tzinfo (2.0.6)
      concurrent-ruby (~> 1.0)
    unicode-display_width (3.1.4)
      unicode-emoji (~> 4.0, >= 4.0.4)
    unicode-emoji (4.0.4)
    uri (1.0.3)
    useragent (0.16.11)
    warden (1.2.9)
      rack (>= 2.0.9)
    web-console (4.2.1)
      actionview (>= 6.0.0)
      activemodel (>= 6.0.0)
      bindex (>= 0.4.0)
      railties (>= 6.0.0)
    webmock (3.24.0)
      addressable (>= 2.8.0)
      crack (>= 0.3.2)
      hashdiff (>= 0.4.0, < 2.0.0)
    websocket (1.2.11)
    websocket-driver (0.7.7)
      base64
      websocket-extensions (>= 0.1.0)
    websocket-extensions (0.1.5)
    xpath (3.2.0)
      nokogiri (~> 1.8)
    zeitwerk (2.7.2)

PLATFORMS
  aarch64-linux
  arm64-darwin
  ruby
  x86_64-darwin
  x86_64-linux

DEPENDENCIES
  bootsnap (>= 1.4.2)
  brakeman
  capybara (>= 3.39)
  debug
  devise!
  devise-i18n (~> 1.13)
  erb_lint
  hotwire_combobox (~> 0.3)
  image_processing (~> 1.12)
  importmap-rails
  inline_svg (~> 1.6)
  invisible_captcha (~> 2.0)
  jbuilder!
  jumpstart!
  kamal (>= 2.0.0.rc2)
  local_time (~> 3.0)
  madmin (~> 2.0)
  mailbin (~> 1.0)
  name_of_person (~> 1.0)
  nokogiri (>= 1.12.5)
  noticed (~> 2.2)
  overcommit
  pagy (~> 9.0)
  pay (~> 8.0)
  pg
  prefixed_ids (~> 1.2)
  pretender (~> 0.4)
  propshaft (~> 1.0)
  puma (~> 6.6)
  pundit (~> 2.1)
  rails (~> 8.0.0)
  receipts (~> 2.1)
  rotp (~> 6.2)
  rqrcode (~> 2.1)
  rubocop-rails-omakase
  ruby-oembed (~> 0.18.0)
  selenium-webdriver (>= 4.20.1)
  solid_cable
  solid_cache
  solid_queue
  stimulus-rails (~> 1.0, >= 1.0.2)
  tailwindcss-rails (~> 4.0.0.rc1)
  thruster
  turbo-rails (~> 2.0.3)
  tzinfo-data
  web-console (>= 4.1.0)
  webmock

CHECKSUMS
  actioncable (8.0.1) sha256=808bff2a4e3aba36f66f0cd65d7a1579ad52fb65e99304442c46051a79689d9b
  actionmailbox (8.0.1) sha256=bbc7db779be857fb6eb5b53f313d3881cd8cda38a150c3aa25f89f2f9977b08c
  actionmailer (8.0.1) sha256=7b074e9590e4ec5cebd2fc91d1f9ba4c61bbd4bbd4376f731527da187cd39952
  actionpack (8.0.1) sha256=c764e4bfc0ad9d3505c09ef9b6fbf9eca4292793550c6b7e2ea93167181bfcba
  actiontext (8.0.1) sha256=f232d303e854db2098f34d7331fe493a72dc2e53dfce80fbd517c7b93d4b05b2
  actionview (8.0.1) sha256=3005e3de5ca49ea789bf1ad46002d63fe5aa543c61c341239d3c533757e64f8a
  activejob (8.0.1) sha256=95acd9a32d498d3a458efbb317f6191fb678758cde0ebb6c68f0b25e0fe3477f
  activemodel (8.0.1) sha256=f46292fd6dcc128e18d588854298a933fd9eb22544c412b414ec02821062dc78
  activerecord (8.0.1) sha256=34a7f0610660bb704f0363025d4b8d35ffe8ddc8f5b8147e0809171f724b5306
  activestorage (8.0.1) sha256=91a8f156638568fac971ff25962a617d9c58fdc0e44eb6bd0edff36aff7df205
  activesupport (8.0.1) sha256=fd5bc74641c24ac3541055c2879789198ff42adee3e39c2933289ba008912e37
  addressable (2.8.7) sha256=462986537cf3735ab5f3c0f557f14155d778f4b43ea4f485a9deb9c8f7c58232
  ast (2.4.2) sha256=1e280232e6a33754cde542bc5ef85520b74db2aac73ec14acef453784447cc12
  base64 (0.2.0) sha256=0f25e9b21a02a0cc0cea8ef92b2041035d39350946e8789c562b2d1a3da01507
  bcrypt (3.1.20) sha256=8410f8c7b3ed54a3c00cd2456bf13917d695117f033218e2483b2e40b0784099
  bcrypt_pbkdf (1.1.1) sha256=2f9077dde837d1f0dd2eb0f9e5327c6871c68ebc8eba88870fb6b7956e1e2b13
  benchmark (0.4.0) sha256=0f12f8c495545e3710c3e4f0480f63f06b4c842cc94cec7f33a956f5180e874a
  better_html (2.1.1) sha256=046c3551d1488a3f2939a7cac6fabf2bde08c32e135c91fcd683380118e5af55
  bigdecimal (3.1.9) sha256=2ffc742031521ad69c2dfc815a98e426a230a3d22aeac1995826a75dabfad8cc
  bindex (0.8.1) sha256=7b1ecc9dc539ed8bccfc8cb4d2732046227b09d6f37582ff12e50a5047ceb17e
  bootsnap (1.18.4) sha256=ac4c42af397f7ee15521820198daeff545e4c360d2772c601fbdc2c07d92af55
  brakeman (7.0.0) sha256=1a0122b0c70f17519a61548a53a332c0acc19e3aa10b445e15e025a4b13b8577
  builder (3.3.0) sha256=497918d2f9dca528fdca4b88d84e4ef4387256d984b8154e9d5d3fe5a9c8835f
  capybara (3.40.0) sha256=42dba720578ea1ca65fd7a41d163dd368502c191804558f6e0f71b391054aeef
  childprocess (5.1.0) sha256=9a8d484be2fd4096a0e90a0cd3e449a05bc3aa33f8ac9e4d6dcef6ac1455b6ec
  chunky_png (1.4.0) sha256=89d5b31b55c0cf4da3cf89a2b4ebc3178d8abe8cbaf116a1dba95668502fdcfe
  concurrent-ruby (1.3.5) sha256=813b3e37aca6df2a21a3b9f1d497f8cbab24a2b94cab325bffe65ee0f6cbebc6
  connection_pool (2.5.3) sha256=cfd74a82b9b094d1ce30c4f1a346da23ee19dc8a062a16a85f58eab1ced4305b
  crack (1.0.0) sha256=c83aefdb428cdc7b66c7f287e488c796f055c0839e6e545fec2c7047743c4a49
  crass (1.0.6) sha256=dc516022a56e7b3b156099abc81b6d2b08ea1ed12676ac7a5657617f012bd45d
  date (3.4.1) sha256=bf268e14ef7158009bfeaec40b5fa3c7271906e88b196d958a89d4b408abe64f
  debug (1.10.0) sha256=11e28ca74875979e612444104f3972bd5ffb9e79179907d7ad46dba44bd2e7a4
  devise (4.9.3)
  devise-i18n (1.13.0) sha256=306753c8ba4c687bdab82bc71daeab566b2286fb3f52311b88e54556f45f2f2e
  dotenv (3.1.7) sha256=c670df478675d23889e657beaca6fb423228f75ce9f052a0690c0d0daa333cf3
  drb (2.2.1) sha256=e9d472bf785f558b96b25358bae115646da0dbfd45107ad858b0bc0d935cb340
  ed25519 (1.3.0) sha256=514a5584f84d39daac568a17ec93a4e7261e140c52c562ed8c382c18456e627d
  erb_lint (0.9.0) sha256=dfb5e40ad839e8d1f0d56ca85ec9a7ac4c9cd966ec281138282f35b323ca7c31
  erubi (1.13.1) sha256=a082103b0885dbc5ecf1172fede897f9ebdb745a4b97a5e8dc63953db1ee4ad9
  et-orbi (1.2.11) sha256=d26e868cc21db88280a9ec1a50aa3da5d267eb9b2037ba7b831d6c2731f5df64
  ffi (1.17.1) sha256=26f6b0dbd1101e6ffc09d3ca640b2a21840cc52731ad8a7ded9fb89e5fb0fc39
  ffi (1.17.1-aarch64-linux-gnu) sha256=c5d22cb545a3a691d46060f1343c461d1a8d38c3fd71b96b4cbbe6906bf1fd38
  ffi (1.17.1-arm64-darwin) sha256=a8e04f79d375742c54ee7f9fff4b4022b87200a4ec0eb082128d3b6559e67b4d
  ffi (1.17.1-x86_64-darwin) sha256=0036199c290462dd7f03bc22933644c1685b7834a21788062bd5df48c72aa7a6
  ffi (1.17.1-x86_64-linux-gnu) sha256=8c0ade2a5d19f3672bccfe3b58e016ae5f159e3e2e741c856db87fcf07c903d0
  fugit (1.11.1) sha256=e89485e7be22226d8e9c6da411664d0660284b4b1c08cacb540f505907869868
  globalid (1.2.1) sha256=70bf76711871f843dbba72beb8613229a49429d1866828476f9c9d6ccc327ce9
  hashdiff (1.1.2) sha256=2c30eeded6ed3dce8401d2b5b99e6963fe5f14ed85e60dd9e33c545a44b71a77
  hashids (1.0.6) sha256=a344c05f249417492bf48451a93770558834ff7a445e1b64ef112954a0293019
  hotwire_combobox (0.3.2) sha256=b97a0aea9fb89f5e19b4c8c1bd618a5db52faf9f08adc63022d7ae7b57b18797
  i18n (1.14.7) sha256=ceba573f8138ff2c0915427f1fc5bdf4aa3ab8ae88c8ce255eb3ecf0a11a5d0f
  image_processing (1.13.0) sha256=71cffe2707573b16a4800b10619dc851add8cf9e667931ae900b7cac1d9cdd65
  importmap-rails (2.1.0) sha256=9f10c67d60651a547579f448100d033df311c5d5db578301374aeb774faae741
  iniparse (1.5.0) sha256=36a165e98d8a250b7631c4a7f9afba32af78f089970cd6446a39771189c761f1
  inline_svg (1.10.0) sha256=5b652934236fd9f8adc61f3fd6e208b7ca3282698b19f28659971da84bf9a10f
  invisible_captcha (2.3.0) sha256=309ee5a5e891ecfb732c85b12f1aa9252a648df6f2761b3b41205e824e30ff15
  io-console (0.8.0) sha256=cd6a9facbc69871d69b2cb8b926fc6ea7ef06f06e505e81a64f14a470fddefa2
  irb (1.15.2) sha256=222f32952e278da34b58ffe45e8634bf4afc2dc7aa9da23fed67e581aa50fdba
  jbuilder (2.13.0)
  json (2.9.1) sha256=d2bdef4644052fad91c1785d48263756fe32fcac08b96a20bb15840e96550d11
  jumpstart (0.1.0)
  kamal (2.4.0) sha256=5f62f1858cc15c1506e55b60b075c89a1e7ef9c6bb0a7e3c01b54af190f85181
  language_server-protocol (3.17.0.4) sha256=c484626478664fd13482d8180947c50a8590484b1258b99b7aedb3b69df89669
  local_time (3.0.2) sha256=cb8abb2d56726ae285d00b0bd7f4c34bafc38c0c1cbc70ddc28f3a5661168d9d
  logger (1.7.0) sha256=196edec7cc44b66cfb40f9755ce11b392f21f7967696af15d274dde7edff0203
  loofah (2.24.1) sha256=655a30842b70ec476410b347ab1cd2a5b92da46a19044357bbd9f401b009a337
  madmin (2.0.0) sha256=4fccd83bf90983bfc3e817bb56be65071400281aaeab10bb0eb49a5f49b7dd97
  mail (2.8.1) sha256=ec3b9fadcf2b3755c78785cb17bc9a0ca9ee9857108a64b6f5cfc9c0b5bfc9ad
  mailbin (1.0.0) sha256=566787faf73999edcd7ef6a1307be6430129d5f1135593a0d4f74f4897880032
  marcel (1.0.4) sha256=0d5649feb64b8f19f3d3468b96c680bae9746335d02194270287868a661516a4
  matrix (0.4.2) sha256=71083ccbd67a14a43bfa78d3e4dc0f4b503b9cc18e5b4b1d686dc0f9ef7c4cc0
  mini_magick (4.13.2) sha256=71d6258e0e8a3d04a9a0a09784d5d857b403a198a51dd4f882510435eb95ddd9
  mini_mime (1.1.5) sha256=8681b7e2e4215f2a159f9400b5816d85e9d8c6c6b491e96a12797e798f8bccef
  mini_portile2 (2.8.9) sha256=0cd7c7f824e010c072e33f68bc02d85a00aeb6fce05bb4819c03dfd3c140c289
  minitest (5.25.5) sha256=391b6c6cb43a4802bfb7c93af1ebe2ac66a210293f4a3fb7db36f2fc7dc2c756
  msgpack (1.7.5) sha256=ffb04979f51e6406823c03abe50e1da2c825c55a37dee138518cdd09d9d3aea8
  name_of_person (1.1.3) sha256=e12291250987ef79c413314f698f15d53e7a602c42231de99c276ef9585bc18c
  net-imap (0.5.5) sha256=abe6a8932c68269804b0f0b499a0d1972098e7e6b8b61a7c508b127ebde1682a
  net-pop (0.1.2) sha256=848b4e982013c15b2f0382792268763b748cce91c9e91e36b0f27ed26420dff3
  net-protocol (0.2.2) sha256=aa73e0cba6a125369de9837b8d8ef82a61849360eba0521900e2c3713aa162a8
  net-scp (4.1.0) sha256=a99b0b92a1e5d360b0de4ffbf2dc0c91531502d3d4f56c28b0139a7c093d1a5d
  net-sftp (4.0.0) sha256=65bb91c859c2f93b09826757af11b69af931a3a9155050f50d1b06d384526364
  net-smtp (0.5.0) sha256=5fc0415e6ea1cc0b3dfea7270438ec22b278ca8d524986a3ae4e5ae8d087b42a
  net-ssh (7.3.0) sha256=172076c4b30ce56fb25a03961b0c4da14e1246426401b0f89cba1a3b54bf3ef0
  nio4r (2.7.4) sha256=d95dee68e0bb251b8ff90ac3423a511e3b784124e5db7ff5f4813a220ae73ca9
  nokogiri (1.18.2) sha256=93791cfb33186fe077eb9e1b8a6855b5621e328f81f565334572fa398366f8bf
  nokogiri (1.18.2-aarch64-linux-gnu) sha256=74e0f9a7487a30a2957f46c5113d58f836436b033c9906e0bc6fee9d8cdafabf
  nokogiri (1.18.2-arm64-darwin) sha256=8288ec7a296e2510ca9bd053c0c5989f11260f8c07bc3e9afbafa536f7077281
  nokogiri (1.18.2-x86_64-darwin) sha256=7fca165e5ee87e9b6b3f1377180376afc0c8652ed2a3d761f472f0e3d3a1c651
  nokogiri (1.18.2-x86_64-linux-gnu) sha256=9330ced4a976604865c2a76ce158e2bc608fa83999552e85a32ec06f85f427db
  noticed (2.6.0) sha256=21d4aab5f56846811ae0478fbeca48e15ab4f967462cd359ad44df4d5fd602ed
  orm_adapter (0.5.0) sha256=aa5d0be5d540cbb46d3a93e88061f4ece6a25f6e97d6a47122beb84fe595e9b9
  ostruct (0.6.1) sha256=09a3fb7ecc1fa4039f25418cc05ae9c82bd520472c5c6a6f515f03e4988cb817
  overcommit (0.65.0) sha256=a9884811ec2ae159353d27f6275bb8458cb1d1e2741a79dcb9f4bed57f7ab05a
  pagy (9.3.3) sha256=4831418eb4ec7cc5658ea57de559cc3a960286db36f98d4c1c65e19db0e2bb60
  parallel (1.26.3) sha256=d86babb7a2b814be9f4b81587bf0b6ce2da7d45969fab24d8ae4bf2bb4d4c7ef
  parser (3.3.7.0) sha256=7449011771e3e7881297859b849de26a6f4fccd515bece9520a87e7d2116119b
  pay (8.3.0) sha256=4b4a6db9811881318469093770a416589e219c0c480eca30fcea0f493b1221a0
  pdf-core (0.10.0) sha256=0a5d101e2063c01e3f941e1ee47cbb97f1adfc1395b58372f4f65f1300f3ce91
  pg (1.5.9) sha256=761efbdf73b66516f0c26fcbe6515dc7500c3f0aa1a1b853feae245433c64fdc
  pp (0.6.2) sha256=947ec3120c6f92195f8ee8aa25a7b2c5297bb106d83b41baa02983686577b6ff
  prawn (2.5.0) sha256=f4e20e3b4f30bf5b9ae37dad15eb421831594553aa930b2391b0fa0a99c43cb6
  prawn-table (0.2.2) sha256=336d46e39e003f77bf973337a958af6a68300b941c85cb22288872dc2b36addb
  prefixed_ids (1.8.1) sha256=cc327f946a6fc6a610246aa957d6c3b170bfaa1170c8deb445fa466356a6adbb
  pretender (0.5.0) sha256=02120f25bc1c2b98468e136cec9e841360935dcc291158195b0cd073ff8fad77
  prettyprint (0.2.0) sha256=2bc9e15581a94742064a3cc8b0fb9d45aae3d03a1baa6ef80922627a0766f193
  propshaft (1.1.0) sha256=d389361faf66aeb17e8d204828962c1e506edd14a1a17adb3fa475435c070f6b
  psych (5.2.6) sha256=814328aa5dcb6d604d32126a20bc1cbcf05521a5b49dbb1a8b30a07e580f316e
  public_suffix (6.0.1) sha256=61d44e1cab5cbbbe5b31068481cf16976dd0dc1b6b07bd95617ef8c5e3e00c6f
  puma (6.6.0) sha256=f25c06873eb3d5de5f0a4ebc783acc81a4ccfe580c760cfe323497798018ad87
  pundit (2.4.0) sha256=43e6d27a9df082c04f0020999ce4dcf6742ecc5775d102ef2bfe9df041417572
  raabro (1.4.0) sha256=d4fa9ff5172391edb92b242eed8be802d1934b1464061ae5e70d80962c5da882
  racc (1.8.1) sha256=4a7f6929691dbec8b5209a0b373bc2614882b55fc5d2e447a21aaa691303d62f
  rack (3.1.15) sha256=d12b3e9960d18a26ded961250f2c0e3b375b49ff40dbe6786e9c3b160cbffca4
  rack-session (2.1.1) sha256=0b6dc07dea7e4b583f58a48e8b806d4c9f1c6c9214ebc202ec94562cbea2e4e9
  rack-test (2.2.0) sha256=005a36692c306ac0b4a9350355ee080fd09ddef1148a5f8b2ac636c720f5c463
  rackup (2.2.1) sha256=f737191fd5c5b348b7f0a4412a3b86383f88c43e13b8217b63d4c8d90b9e798d
  rails (8.0.1) sha256=c86f4cd7834a67c1e5d04a77d35c88a5f56a20e2022ec416fa52c1af2cdc9491
  rails-dom-testing (2.2.0) sha256=e515712e48df1f687a1d7c380fd7b07b8558faa26464474da64183a7426fa93b
  rails-html-sanitizer (1.6.2) sha256=35fce2ca8242da8775c83b6ba9c1bcaad6751d9eb73c1abaa8403475ab89a560
  rails-i18n (8.0.1) sha256=15303195450bdac9a80636cf14c7e5ada2f43907cc60fcd19bbb3f81ab45be0d
  railties (8.0.1) sha256=8f653c6b1b0721b553045bd0deda1f22074b9ddc2209526e6f7285fcf607ac51
  rainbow (3.1.1) sha256=039491aa3a89f42efa1d6dec2fc4e62ede96eb6acd95e52f1ad581182b79bc6a
  rake (13.2.1) sha256=46cb38dae65d7d74b6020a4ac9d48afed8eb8149c040eccf0523bec91907059d
  rdoc (6.13.1) sha256=62a0dac99493c94e8eb7a3fb44e55aefcb4cecb119f7991f25bddc5ed8d472f7
  receipts (2.4.0) sha256=64a7d9d95d223694106719dc10fb9291fa362e6bc684228d5cde4b772392fa74
  regexp_parser (2.10.0) sha256=cb6f0ddde88772cd64bff1dbbf68df66d376043fe2e66a9ef77fcb1b0c548c61
  reline (0.6.1) sha256=1afcc9d7cb1029cdbe780d72f2f09251ce46d3780050f3ec39c3ccc6b60675fb
  responders (3.1.1) sha256=92f2a87e09028347368639cfb468f5fefa745cb0dc2377ef060db1cdd79a341a
  rexml (3.4.0) sha256=efbea1efba7fa151158e0ee1e643525834da2d8eb4cf744aa68f6480bc9804b2
  rotp (6.3.0) sha256=75d40087e65ed0d8022c33055a6306c1c400d1c12261932533b5d6cbcd868854
  rqrcode (2.2.0) sha256=23eea88bb44c7ee6d6cab9354d08c287f7ebcdc6112e1fe7bcc2d010d1ffefc1
  rqrcode_core (1.2.0) sha256=cf4989dc82d24e2877984738c4ee569308625fed2a810960f1b02d68d0308d1a
  rubocop (1.71.0) sha256=e19679efd447346ac476122313d3788ae23c38214790bcf660e984c747608bf0
  rubocop-ast (1.38.0) sha256=4fdf6792fe443a9a18acb12dbc8225d0d64cd1654e41fedb30e79c18edbb26ae
  rubocop-minitest (0.36.0) sha256=1d15850849c685ff4b6d64dd801ec2d13eb2fe56b6f7ce9aab93d1b0508e7b9f
  rubocop-performance (1.23.1) sha256=f22f86a795f5e6a6180aac2c6fc172534b173a068d6ed3396d6460523e051b82
  rubocop-rails (2.29.1) sha256=41c2fcf48d5d62f4a5f574d5f1c97bbaf4cba88ee367936c98b3422d047b17aa
  rubocop-rails-omakase (1.0.0) sha256=26635821283d6a03dc8b68172123716a62db96123eb035f736ebb91283f96418
  ruby-oembed (0.18.1) sha256=877b87b3d98e8137599044277fdb82a5536973bd9df68a93129163b781ae3a5f
  ruby-progressbar (1.13.0) sha256=80fc9c47a9b640d6834e0dc7b3c94c9df37f08cb072b7761e4a71e22cff29b33
  ruby-vips (2.2.2) sha256=af5be8e9f2857a98424d7606ecfc2c21c5e107d0802915190dcc093f56e4dd5b
  rubyzip (2.4.1) sha256=8577c88edc1fde8935eb91064c5cb1aef9ad5494b940cf19c775ee833e075615
  securerandom (0.4.1) sha256=cc5193d414a4341b6e225f0cb4446aceca8e50d5e1888743fac16987638ea0b1
  selenium-webdriver (4.28.0) sha256=4cf7722062c3691f9c616890d68d3715d4f2e2e4fb0bc0ee5441a4dc1f5a89d3
  smart_properties (1.17.0) sha256=f9323f8122e932341756ddec8e0ac9ec6e238408a7661508be99439ca6d6384b
  solid_cable (3.0.7) sha256=f2bce91e17e2c6e04c3c5e9905cc31b1078ff991702278c8bb1ac2e09f441a21
  solid_cache (1.0.6) sha256=fe1acf73fbe4a6a53620425317949082d3b99e0cfd35416106b56220fa66c311
  solid_queue (1.1.2) sha256=178c9396d1cf0dac595c7508da90ddb397d25848ca007b5c5ed48e6ac6fc360c
  sshkit (1.23.2) sha256=76d7088fddeaf3ac37bad20e7121f7352367cae6bb0cdbc7d7354efc714d213b
  stimulus-rails (1.3.4) sha256=765676ffa1f33af64ce026d26b48e8ffb2e0b94e0f50e9119e11d6107d67cb06
  stringio (3.1.7) sha256=5b78b7cb242a315fb4fca61a8255d62ec438f58da2b90be66048546ade4507fa
  tailwindcss-rails (4.0.0.rc4) sha256=83720932064dbaf802e133066bc70c148f86a0a55030375098a5bbf221cb3d3c
  tailwindcss-ruby (4.0.0) sha256=edcbfb0f6e6b611ae6d223995cf3a427cedca5621cd496f422440a42c72c9b78
  tailwindcss-ruby (4.0.0-aarch64-linux-gnu) sha256=255a11ac95653f19197b154f3c36be9a48b3b1446ca2574f2a3ac31e434384b9
  tailwindcss-ruby (4.0.0-arm64-darwin) sha256=9164f96a12ce671f1dadf1d850fb47c880d0e441aa474c509ed543b3266ded34
  tailwindcss-ruby (4.0.0-x86_64-darwin) sha256=4606bc700bd97023e0160f1a2e87c0f72ee802bc7bd65d4536f1caacd6a4962b
  tailwindcss-ruby (4.0.0-x86_64-linux-gnu) sha256=e6018f23fd78fc7fea55ff593b832b6c1d702328b8cb9d4edca5ef86fe2f7342
  thor (1.3.2) sha256=eef0293b9e24158ccad7ab383ae83534b7ad4ed99c09f96f1a6b036550abbeda
  thruster (0.1.10) sha256=80cbeaa660312e24c779048e2c4a73d973a4a99b4252492f0649fbfb63e2efa6
  thruster (0.1.10-aarch64-linux) sha256=70f446efa6d3b4839a18773de032aed8a43e4856bbc1c043ef396e4ccb1524e6
  thruster (0.1.10-arm64-darwin) sha256=6327cf0a923b0738900d4c1443eef40a0c6332a06fe92d8b8c9c18fb5258c7f0
  thruster (0.1.10-x86_64-darwin) sha256=47d4479903de1bd6143b7a35b345dc6b8e7930cebfd0af1c5a56af153634a1af
  thruster (0.1.10-x86_64-linux) sha256=706788dd54c1495aff4e9874973f50a0dfca53620038e1dd27b70cc9eee2a0d8
  timeout (0.4.3) sha256=9509f079b2b55fe4236d79633bd75e34c1c1e7e3fb4b56cb5fda61f80a0fe30e
  ttfunk (1.8.0) sha256=a7cbc7e489cc46e979dde04d34b5b9e4f5c8f1ee5fc6b1a7be39b829919d20ca
  turbo-rails (2.0.11) sha256=fc47674736372780abd2a4dc0d84bef242f5ca156a457cd7fa6308291e397fcf
  tzinfo (2.0.6) sha256=8daf828cc77bcf7d63b0e3bdb6caa47e2272dcfaf4fbfe46f8c3a9df087a829b
  unicode-display_width (3.1.4) sha256=8caf2af1c0f2f07ec89ef9e18c7d88c2790e217c482bfc78aaa65eadd5415ac1
  unicode-emoji (4.0.4) sha256=2c2c4ef7f353e5809497126285a50b23056cc6e61b64433764a35eff6c36532a
  uri (1.0.3) sha256=e9f2244608eea2f7bc357d954c65c910ce0399ca5e18a7a29207ac22d8767011
  useragent (0.16.11) sha256=700e6413ad4bb954bb63547fa098dddf7b0ebe75b40cc6f93b8d54255b173844
  warden (1.2.9) sha256=46684f885d35a69dbb883deabf85a222c8e427a957804719e143005df7a1efd0
  web-console (4.2.1) sha256=e7bcf37a10ea2b4ec4281649d1cee461b32232d0a447e82c786e6841fd22fe20
  webmock (3.24.0) sha256=be01357f6fc773606337ca79f3ba332b7d52cbe5c27587671abc0572dbec7122
  websocket (1.2.11) sha256=b7e7a74e2410b5e85c25858b26b3322f29161e300935f70a0e0d3c35e0462737
  websocket-driver (0.7.7) sha256=056d99f2cd545712cfb1291650fde7478e4f2661dc1db6a0fa3b966231a146b4
  websocket-extensions (0.1.5) sha256=1c6ba63092cda343eb53fc657110c71c754c56484aad42578495227d717a8241
  xpath (3.2.0) sha256=6dfda79d91bb3b949b947ecc5919f042ef2f399b904013eb3ef6d20dd3a4082e
  zeitwerk (2.7.2) sha256=842e067cb11eb923d747249badfb5fcdc9652d6f20a1f06453317920fdcd4673

RUBY VERSION
   ruby 3.4.1p0

BUNDLED WITH
   2.6.3
